GEM
  remote: https://rubygems.org/
  specs:
    mustermann (1.0.2)
    puma (3.12.0)
    rack (2.0.5)
    rack-protection (2.0.3)
      rack
    rack-ssl (1.4.1)
      rack
    sinatra (2.0.3)
      mustermann (~> 1.0)
      rack (~> 2.0)
      rack-protection (= 2.0.3)
      tilt (~> 2.0)
    tilt (2.0.8)

PLATFORMS
  ruby

DEPENDENCIES
  puma
  rack-ssl
  sinatra

RUBY VERSION
   ruby 2.5.1p57

BUNDLED WITH
   1.16.3
